PATH
  remote: .
  specs:
    hako-codebuild (0.1.0)
      aws-sdk-codebuild

GEM
  remote: https://rubygems.org/
  specs:
    aws-eventstream (1.0.1)
    aws-partitions (1.96.0)
    aws-sdk-codebuild (1.13.0)
      aws-sdk-core (~> 3)
      aws-sigv4 (~> 1.0)
    aws-sdk-core (3.22.1)
      aws-eventstream (~> 1.0)
      aws-partitions (~> 1.0)
      aws-sigv4 (~> 1.0)
      jmespath (~> 1.0)
    aws-sigv4 (1.0.3)
    jmespath (1.4.0)
    rake (13.0.1)

PLATFORMS
  ruby

DEPENDENCIES
  bundler
  hako-codebuild!
  rake

BUNDLED WITH
   1.16.1
